GEM
  remote: http://rubygems.org/
  specs:
    activesupport (3.0.20)
    addressable (2.5.2)
      public_suffix (>= 2.0.2, < 4.0)
    builder (2.1.2)
    concurrent-ruby (1.0.5)
    crack (0.4.3)
      safe_yaml (~> 1.0.0)
    diff-lcs (1.1.3)
    hashdiff (0.3.7)
    httparty (0.10.2)
      multi_json (~> 1.0)
      multi_xml (>= 0.5.2)
    i18n (0.9.5)
      concurrent-ruby (~> 1.0)
    json (1.8.6)
    little-plugger (1.1.4)
    logging (1.8.2)
      little-plugger (>= 1.1.3)
      multi_json (>= 1.8.4)
    mini_portile2 (2.3.0)
    multi_json (1.13.1)
    multi_xml (0.6.0)
    nokogiri (1.8.4)
      mini_portile2 (~> 2.3.0)
    public_suffix (3.0.2)
    rdoc (3.12.2)
      json (~> 1.4)
    rspec (2.7.0)
      rspec-core (~> 2.7.0)
      rspec-expectations (~> 2.7.0)
      rspec-mocks (~> 2.7.0)
    rspec-core (2.7.1)
    rspec-expectations (2.7.0)
      diff-lcs (~> 1.1.2)
    rspec-mocks (2.7.0)
    safe_yaml (1.0.4)
    tzinfo (0.3.54)
    uuidtools (2.1.5)
    webmock (3.4.2)
      addressable (>= 2.3.6)
      crack (>= 0.3.2)
      hashdiff

PLATFORMS
  ruby

DEPENDENCIES
  activesupport (~> 3.0.9)
  builder (~> 2.1)
  bundler
  httparty (~> 0.10.2)
  i18n (~> 0.5)
  logging (~> 1.7)
  nokogiri (~> 1.8.4)
  rdoc (~> 3.12)
  rspec (= 2.7.0)
  tzinfo (~> 0.3)
  uuidtools (~> 2.1)
  webmock

BUNDLED WITH
   1.16.2
